GEM
  remote: https://rubygems.org/
  specs:
    backports (3.6.8)
    coderay (1.0.9)
    dalli (2.7.2)
    dotenv (0.11.1)
      dotenv-deployment (~> 0.0.2)
    dotenv-deployment (0.0.2)
    dropbox-sdk (1.6.5)
      json
    foreman (0.74.0)
      dotenv (~> 0.11.1)
      thor (~> 0.19.1)
    json (2.1.0)
    kramdown (1.7.0)
    method_source (0.8.1)
    multi_json (1.11.2)
    pry (0.9.12)
      coderay (~> 1.0.5)
      method_source (~> 0.8)
      slop (~> 3.4)
    puma (3.12.0)
    rack (1.6.10)
    rack-cache (1.2)
      rack (>= 0.4)
    rack-protection (1.5.3)
      rack
    rack-ssl-enforcer (0.2.9)
    rack-test (0.6.3)
      rack (>= 1.0)
    rake (12.3.1)
    sinatra (1.4.5)
      rack (~> 1.4)
      rack-protection (~> 1.4)
      tilt (~> 1.3, >= 1.3.4)
    sinatra-contrib (1.4.6)
      backports (>= 2.0)
      multi_json
      rack-protection
      rack-test
      sinatra (~> 1.4.0)
      tilt (>= 1.3, < 3)
    sinatra-router (0.2.3)
      sinatra (~> 1.4)
    sinatra-subdomain (0.1.2)
      sinatra
    slop (3.6.0)
    thor (0.19.1)
    tilt (1.4.1)

PLATFORMS
  ruby

DEPENDENCIES
  dalli
  dropbox-sdk
  foreman
  kramdown
  pry
  puma
  rack-cache
  rack-ssl-enforcer
  rake
  sinatra
  sinatra-contrib
  sinatra-router
  sinatra-subdomain

RUBY VERSION
   ruby 2.5.1p57

BUNDLED WITH
   1.16.1
